GEM
  remote: https://rubygems.org/
  specs:
    faraday (0.8.11)
      multipart-post (~> 1.2.0)
    multipart-post (1.2.0)

PLATFORMS
  ruby

DEPENDENCIES
  faraday (~> 0.8.0)

RUBY VERSION
   ruby 2.3.1p112

BUNDLED WITH
   1.13.6
